PATH
  remote: .
  specs:
    sqa (0.0.23)
      alphavantage
      api_key_manager
      dry-cli
      faraday
      hashie (~> 4.1.0)
      lite-statistics
      nenv
      sem_version
      tty-table

GEM
  remote: https://rubygems.org/
  specs:
    alphavantage (1.2.0)
      faraday (~> 1.4)
      hashie (~> 4.1)
    amazing_print (1.5.0)
    api_key_manager (0.1.0)
    cogger (0.13.0)
      core (~> 0.1)
      refinements (~> 11.0)
      tone (~> 0.3)
      zeitwerk (~> 2.6)
    concurrent-ruby (1.2.2)
    core (0.1.5)
    debug_me (1.1.0)
    docile (1.4.0)
    dry-cli (1.0.0)
    dry-configurable (1.1.0)
      dry-core (~> 1.0, < 2)
      zeitwerk (~> 2.6)
    dry-container (0.11.0)
      concurrent-ruby (~> 1.0)
    dry-core (1.0.1)
      concurrent-ruby (~> 1.0)
      zeitwerk (~> 2.6)
    dry-inflector (1.0.0)
    dry-initializer (3.1.1)
    dry-logic (1.5.0)
      concurrent-ruby (~> 1.0)
      dry-core (~> 1.0, < 2)
      zeitwerk (~> 2.6)
    dry-monads (1.6.0)
      concurrent-ruby (~> 1.0)
      dry-core (~> 1.0, < 2)
      zeitwerk (~> 2.6)
    dry-schema (1.13.3)
      concurrent-ruby (~> 1.0)
      dry-configurable (~> 1.0, >= 1.0.1)
      dry-core (~> 1.0, < 2)
      dry-initializer (~> 3.0)
      dry-logic (>= 1.4, < 2)
      dry-types (>= 1.7, < 2)
      zeitwerk (~> 2.6)
    dry-types (1.7.1)
      concurrent-ruby (~> 1.0)
      dry-core (~> 1.0)
      dry-inflector (~> 1.0)
      dry-logic (~> 1.4)
      zeitwerk (~> 2.6)
    etcher (0.5.0)
      cogger (~> 0.12)
      core (~> 0.1)
      dry-monads (~> 1.6)
      dry-types (~> 1.7)
      refinements (~> 11.0)
      versionaire (~> 12.1)
      zeitwerk (~> 2.6)
    faraday (1.10.3)
      faraday-em_http (~> 1.0)
      faraday-em_synchrony (~> 1.0)
      faraday-excon (~> 1.1)
      faraday-httpclient (~> 1.0)
      faraday-multipart (~> 1.0)
      faraday-net_http (~> 1.0)
      faraday-net_http_persistent (~> 1.0)
      faraday-patron (~> 1.0)
      faraday-rack (~> 1.0)
      faraday-retry (~> 1.0)
      ruby2_keywords (>= 0.0.4)
    faraday-em_http (1.0.0)
    faraday-em_synchrony (1.0.0)
    faraday-excon (1.1.0)
    faraday-httpclient (1.0.1)
    faraday-multipart (1.0.4)
      multipart-post (~> 2)
    faraday-net_http (1.0.1)
    faraday-net_http_persistent (1.2.0)
    faraday-patron (1.0.0)
    faraday-rack (1.0.0)
    faraday-retry (1.0.3)
    hashie (4.1.0)
    infusible (2.2.0)
      marameters (~> 2.0)
      zeitwerk (~> 2.6)
    lite-memoize (1.1.1)
    lite-statistics (2.0.0)
      lite-memoize
    marameters (2.1.0)
      refinements (~> 11.0)
      zeitwerk (~> 2.6)
    minitest (5.20.0)
    multipart-post (2.3.0)
    nenv (0.3.0)
    pastel (0.8.0)
      tty-color (~> 0.5)
    rake (13.0.6)
    refinements (11.1.0)
    ruby2_keywords (0.0.5)
    runcom (10.2.0)
      refinements (~> 11.0)
      xdg (~> 7.1)
      zeitwerk (~> 2.6)
    sem_version (2.0.1)
    simplecov (0.22.0)
      docile (~> 1.1)
      simplecov-html (~> 0.11)
      simplecov_json_formatter (~> 0.1)
    simplecov-html (0.12.3)
    simplecov_json_formatter (0.1.4)
    sod (0.3.0)
      cogger (~> 0.12)
      dry-container (~> 0.11)
      infusible (~> 2.2)
      refinements (~> 11.0)
      tone (~> 0.3)
      zeitwerk (~> 2.6)
    spek (2.1.0)
      dry-monads (~> 1.6)
      refinements (~> 11.0)
      versionaire (~> 12.0)
      zeitwerk (~> 2.6)
    strings (0.2.1)
      strings-ansi (~> 0.2)
      unicode-display_width (>= 1.5, < 3.0)
      unicode_utils (~> 1.4)
    strings-ansi (0.2.0)
    tocer (16.2.0)
      cogger (~> 0.12)
      core (~> 0.1)
      dry-container (~> 0.11)
      dry-schema (~> 1.13)
      etcher (~> 0.2)
      infusible (~> 2.2)
      refinements (~> 11.0)
      runcom (~> 10.0)
      sod (~> 0.0)
      spek (~> 2.0)
      zeitwerk (~> 2.6)
    tone (0.4.1)
      refinements (~> 11.0)
      zeitwerk (~> 2.6)
    tty-color (0.6.0)
    tty-screen (0.8.1)
    tty-table (0.12.0)
      pastel (~> 0.8)
      strings (~> 0.2.0)
      tty-screen (~> 0.8)
    unicode-display_width (2.5.0)
    unicode_utils (1.4.0)
    versionaire (12.1.0)
      refinements (~> 11.0)
    xdg (7.1.2)
    zeitwerk (2.6.12)

PLATFORMS
  x86_64-darwin-17

DEPENDENCIES
  amazing_print
  bundler
  debug_me
  minitest
  rake
  simplecov
  sqa!
  tocer

BUNDLED WITH
   2.4.21
