PATH
  remote: .
  specs:
    sqa (0.0.1)

GEM
  remote: https://rubygems.org/
  specs:
    rake (13.0.6)

PLATFORMS
  x86_64-darwin-17

DEPENDENCIES
  rake (~> 13.0)
  sqa!

BUNDLED WITH
   2.4.18
