PATH
  remote: .
  specs:
    sqa (0.0.30)
      ai_client
      api_key_manager
      faraday
      hashie (~> 4.1.0)
      lite-statistics
      nenv
      semver2
      tty-table

GEM
  remote: https://rubygems.org/
  specs:
    active_hash (3.3.1)
      activesupport (>= 5.0.0)
    activesupport (7.2.1.2)
      base64
      bigdecimal
      concurrent-ruby (~> 1.0, >= 1.3.1)
      connection_pool (>= 2.2.5)
      drb
      i18n (>= 1.6, < 2)
      logger (>= 1.4.2)
      minitest (>= 5.1)
      securerandom (>= 0.3)
      tzinfo (~> 2.0, >= 2.0.5)
    addressable (2.8.7)
      public_suffix (>= 2.0.2, < 7.0)
    ai_client (0.4.1)
      active_hash
      hashie
      omniai
      omniai-anthropic
      omniai-google
      omniai-mistral
      omniai-openai (>= 1.8.3)
      open_router
    amazing_print (1.6.0)
    api_key_manager (0.1.0)
    base64 (0.2.0)
    bigdecimal (3.1.8)
    cogger (0.28.0)
      core (~> 1.7)
      refinements (~> 12.9)
      tone (~> 1.0)
      zeitwerk (~> 2.6)
    concurrent-ruby (1.3.4)
    connection_pool (2.4.1)
    containable (0.5.1)
      concurrent-ruby (~> 1.2)
    core (1.8.0)
    debug_me (1.1.1)
    docile (1.4.1)
    domain_name (0.6.20240107)
    dotenv (3.1.4)
    drb (2.2.1)
    dry-configurable (1.2.0)
      dry-core (~> 1.0, < 2)
      zeitwerk (~> 2.6)
    dry-core (1.0.1)
      concurrent-ruby (~> 1.0)
      zeitwerk (~> 2.6)
    dry-inflector (1.1.0)
    dry-initializer (3.1.1)
    dry-logic (1.5.0)
      concurrent-ruby (~> 1.0)
      dry-core (~> 1.0, < 2)
      zeitwerk (~> 2.6)
    dry-monads (1.6.0)
      concurrent-ruby (~> 1.0)
      dry-core (~> 1.0, < 2)
      zeitwerk (~> 2.6)
    dry-schema (1.13.4)
      concurrent-ruby (~> 1.0)
      dry-configurable (~> 1.0, >= 1.0.1)
      dry-core (~> 1.0, < 2)
      dry-initializer (~> 3.0)
      dry-logic (>= 1.4, < 2)
      dry-types (>= 1.7, < 2)
      zeitwerk (~> 2.6)
    dry-types (1.7.2)
      bigdecimal (~> 3.0)
      concurrent-ruby (~> 1.0)
      dry-core (~> 1.0)
      dry-inflector (~> 1.0)
      dry-logic (~> 1.4)
      zeitwerk (~> 2.6)
    etcher (2.4.0)
      cogger (~> 0.26)
      core (~> 1.7)
      dry-monads (~> 1.6)
      dry-types (~> 1.7)
      refinements (~> 12.9)
      versionaire (~> 13.0)
      zeitwerk (~> 2.6)
    event_stream_parser (1.0.0)
    faraday (2.12.0)
      faraday-net_http (>= 2.0, < 3.4)
      json
      logger
    faraday-multipart (1.0.4)
      multipart-post (~> 2)
    faraday-net_http (3.3.0)
      net-http
    ffi (1.17.0-arm64-darwin)
    ffi (1.17.0-x86_64-darwin)
    ffi-compiler (1.3.2)
      ffi (>= 1.15.5)
      rake
    hashie (4.1.0)
    http (5.2.0)
      addressable (~> 2.8)
      base64 (~> 0.1)
      http-cookie (~> 1.0)
      http-form_data (~> 2.2)
      llhttp-ffi (~> 0.5.0)
    http-cookie (1.0.7)
      domain_name (~> 0.5)
    http-form_data (2.3.0)
    i18n (1.14.6)
      concurrent-ruby (~> 1.0)
    infusible (3.11.0)
      marameters (~> 3.9)
    json (2.7.2)
    lite-memoize (1.1.1)
    lite-statistics (2.0.0)
      lite-memoize
    llhttp-ffi (0.5.0)
      ffi-compiler (~> 1.0)
      rake (~> 13.0)
    logger (1.6.1)
    marameters (3.10.0)
      refinements (~> 12.9)
      zeitwerk (~> 2.7)
    minitest (5.25.1)
    multipart-post (2.4.1)
    nenv (0.3.0)
    net-http (0.4.1)
      uri
    omniai (1.8.2)
      event_stream_parser
      http
      zeitwerk
    omniai-anthropic (1.8.2)
      event_stream_parser
      omniai
      zeitwerk
    omniai-google (1.8.3)
      event_stream_parser
      omniai
      zeitwerk
    omniai-mistral (1.8.1)
      event_stream_parser
      omniai
      zeitwerk
    omniai-openai (1.8.4)
      event_stream_parser
      omniai
      zeitwerk
    open_router (0.3.3)
      activesupport (>= 6.0)
      dotenv (>= 2)
      faraday (>= 1)
      faraday-multipart (>= 1)
    optparse (0.5.0)
    pastel (0.8.0)
      tty-color (~> 0.5)
    public_suffix (6.0.1)
    rake (13.2.1)
    refinements (12.10.0)
    runcom (11.8.0)
      refinements (~> 12.9)
      xdg (~> 8.6)
      zeitwerk (~> 2.6)
    securerandom (0.3.1)
    semver2 (3.4.2)
    simplecov (0.22.0)
      docile (~> 1.1)
      simplecov-html (~> 0.11)
      simplecov_json_formatter (~> 0.1)
    simplecov-html (0.13.1)
    simplecov_json_formatter (0.1.4)
    sod (0.17.0)
      cogger (~> 0.26)
      containable (~> 0.2)
      infusible (~> 3.11)
      optparse (~> 0.5)
      refinements (~> 12.9)
      tone (~> 1.0)
      zeitwerk (~> 2.7)
    spek (3.8.0)
      dry-monads (~> 1.6)
      refinements (~> 12.9)
      versionaire (~> 13.0)
      zeitwerk (~> 2.6)
    strings (0.2.1)
      strings-ansi (~> 0.2)
      unicode-display_width (>= 1.5, < 3.0)
      unicode_utils (~> 1.4)
    strings-ansi (0.2.0)
    tocer (18.5.0)
      cogger (~> 0.26)
      containable (~> 0.2)
      core (~> 1.7)
      dry-schema (~> 1.13)
      etcher (~> 2.1)
      infusible (~> 3.11)
      refinements (~> 12.9)
      runcom (~> 11.5)
      sod (~> 0.17)
      spek (~> 3.0)
      zeitwerk (~> 2.7)
    tone (1.8.0)
      refinements (~> 12.9)
      zeitwerk (~> 2.6)
    tty-color (0.6.0)
    tty-screen (0.8.2)
    tty-table (0.12.0)
      pastel (~> 0.8)
      strings (~> 0.2.0)
      tty-screen (~> 0.8)
    tzinfo (2.0.6)
      concurrent-ruby (~> 1.0)
    unicode-display_width (2.6.0)
    unicode_utils (1.4.0)
    uri (0.13.1)
    versionaire (13.9.0)
      refinements (~> 12.10)
    xdg (8.8.0)
    zeitwerk (2.7.1)

PLATFORMS
  arm64-darwin-23
  x86_64-darwin-17

DEPENDENCIES
  amazing_print
  bundler
  debug_me
  minitest
  rake
  simplecov
  sqa!
  tocer

BUNDLED WITH
   2.5.22
