PATH
  remote: .
  specs:
    sqa (0.0.15)
      activesupport
      alphavantage
      daru
      descriptive_statistics
      faraday
      hashie (~> 4.1.0)
      nenv
      sem_version
      tty-option
      tty-table

GEM
  remote: https://rubygems.org/
  specs:
    activesupport (7.0.7)
      concurrent-ruby (~> 1.0, >= 1.0.2)
      i18n (>= 1.6, < 2)
      minitest (>= 5.1)
      tzinfo (~> 2.0)
    alphavantage (1.2.0)
      faraday (~> 1.4)
      hashie (~> 4.1)
    amazing_print (1.5.0)
    concurrent-ruby (1.2.2)
    daru (0.3)
      packable (~> 1.3.13)
    debug_me (1.1.0)
    descriptive_statistics (2.5.1)
    faraday (1.10.3)
      faraday-em_http (~> 1.0)
      faraday-em_synchrony (~> 1.0)
      faraday-excon (~> 1.1)
      faraday-httpclient (~> 1.0)
      faraday-multipart (~> 1.0)
      faraday-net_http (~> 1.0)
      faraday-net_http_persistent (~> 1.0)
      faraday-patron (~> 1.0)
      faraday-rack (~> 1.0)
      faraday-retry (~> 1.0)
      ruby2_keywords (>= 0.0.4)
    faraday-em_http (1.0.0)
    faraday-em_synchrony (1.0.0)
    faraday-excon (1.1.0)
    faraday-httpclient (1.0.1)
    faraday-multipart (1.0.4)
      multipart-post (~> 2)
    faraday-net_http (1.0.1)
    faraday-net_http_persistent (1.2.0)
    faraday-patron (1.0.0)
    faraday-rack (1.0.0)
    faraday-retry (1.0.3)
    hashie (4.1.0)
    i18n (1.14.1)
      concurrent-ruby (~> 1.0)
    minitest (5.19.0)
    multipart-post (2.3.0)
    nenv (0.3.0)
    packable (1.3.18)
    pastel (0.8.0)
      tty-color (~> 0.5)
    rake (13.0.6)
    ruby2_keywords (0.0.5)
    sem_version (2.0.1)
    strings (0.2.1)
      strings-ansi (~> 0.2)
      unicode-display_width (>= 1.5, < 3.0)
      unicode_utils (~> 1.4)
    strings-ansi (0.2.0)
    tty-color (0.6.0)
    tty-option (0.3.0)
    tty-screen (0.8.1)
    tty-table (0.12.0)
      pastel (~> 0.8)
      strings (~> 0.2.0)
      tty-screen (~> 0.8)
    tzinfo (2.0.6)
      concurrent-ruby (~> 1.0)
    unicode-display_width (2.4.2)
    unicode_utils (1.4.0)

PLATFORMS
  x86_64-darwin-17

DEPENDENCIES
  amazing_print
  bundler
  debug_me
  minitest
  rake
  sqa!

BUNDLED WITH
   2.4.18
